GEM
  remote: http://rubygems.org/
  specs:
    actionpack (4.2.7.1)
      actionview (= 4.2.7.1)
      activesupport (= 4.2.7.1)
      rack (~> 1.6)
      rack-test (~> 0.6.2)
      rails-dom-testing (~> 1.0, >= 1.0.5)
      rails-html-sanitizer (~> 1.0, >= 1.0.2)
    actionview (4.2.7.1)
      activesupport (= 4.2.7.1)
      builder (~> 3.1)
      erubis (~> 2.7.0)
      rails-dom-testing (~> 1.0, >= 1.0.5)
      rails-html-sanitizer (~> 1.0, >= 1.0.2)
    activesupport (4.2.7.1)
      i18n (~> 0.7)
      json (~> 1.7, >= 1.7.7)
      minitest (~> 5.1)
      thread_safe (~> 0.3, >= 0.3.4)
      tzinfo (~> 1.1)
    addressable (2.5.0)
      public_suffix (~> 2.0, >= 2.0.2)
    ast (2.3.0)
    awesome_print (1.7.0)
    backports (3.6.8)
    better_errors (2.1.1)
      coderay (>= 1.0.0)
      erubis (>= 2.6.6)
      rack (>= 0.9.0)
    binding_of_caller (0.7.2)
      debug_inspector (>= 0.0.1)
    bugsnag (5.2.0)
    builder (3.2.3)
    capybara (2.12.0)
      addressable
      mime-types (>= 1.16)
      nokogiri (>= 1.3.3)
      rack (>= 1.0.0)
      rack-test (>= 0.5.4)
      xpath (~> 2.0)
    capybara-screenshot (1.0.14)
      capybara (>= 1.0, < 3)
      launchy
    cliver (0.3.2)
    codeclimate-test-reporter (1.0.5)
      simplecov
    coderay (1.1.1)
    crack (0.4.3)
      safe_yaml (~> 1.0.0)
    crass (1.0.2)
    debug_inspector (0.0.2)
    diff-lcs (1.3)
    docile (1.1.5)
    dotenv (2.2.0)
    erubis (2.7.0)
    excon (0.45.4)
    factory_girl (4.8.0)
      activesupport (>= 3.0.0)
    faraday (0.9.2)
      multipart-post (>= 1.2, < 3)
    faraday-encoding (0.0.4)
      faraday
    faraday_middleware (0.10.1)
      faraday (>= 0.7.4, < 1.0)
    gabba (1.0.1)
    haml (4.0.7)
      tilt
    i18n (0.8.0)
    iso8601 (0.9.1)
    json (1.8.6)
    jwt (1.5.6)
    launchy (2.4.3)
      addressable (~> 2.3)
    loofah (2.0.3)
      nokogiri (>= 1.5.9)
    maremma (3.1.5)
      activesupport (~> 4.2, >= 4.2.5)
      addressable (>= 2.3.6)
      builder (~> 3.2, >= 3.2.2)
      excon (~> 0.45.0)
      faraday (~> 0.9.2)
      faraday-encoding (~> 0.0.1)
      faraday_middleware (~> 0.10.0)
      multi_json (~> 1.11.2)
      nokogiri (~> 1.6.7)
      oj (~> 2.18, >= 2.18.1)
    mime-types (3.1)
      mime-types-data (~> 3.2015)
    mime-types-data (3.2016.0521)
    mini_portile2 (2.1.0)
    minitest (5.10.1)
    multi_json (1.11.3)
    multipart-post (2.0.0)
    namae (0.11.3)
    nokogiri (1.6.8.1)
      mini_portile2 (~> 2.1.0)
    nokogumbo (1.4.10)
      nokogiri
    oj (2.18.1)
    parser (2.4.0.0)
      ast (~> 2.2)
    poltergeist (1.13.0)
      capybara (~> 2.1)
      cliver (~> 0.3.1)
      websocket-driver (>= 0.2.0)
    powerpack (0.1.1)
    public_suffix (2.0.5)
    rack (1.6.5)
    rack-flash3 (1.0.5)
      rack
    rack-protection (1.5.3)
      rack
    rack-test (0.6.3)
      rack (>= 1.0)
    rails-deprecated_sanitizer (1.0.3)
      activesupport (>= 4.2.0.alpha)
    rails-dom-testing (1.0.8)
      activesupport (>= 4.2.0.beta, < 5.0)
      nokogiri (~> 1.6)
      rails-deprecated_sanitizer (>= 1.0.1)
    rails-html-sanitizer (1.0.3)
      loofah (~> 2.0)
    rainbow (2.2.1)
    rake (12.0.0)
    rspec (3.5.0)
      rspec-core (~> 3.5.0)
      rspec-expectations (~> 3.5.0)
      rspec-mocks (~> 3.5.0)
    rspec-core (3.5.4)
      rspec-support (~> 3.5.0)
    rspec-expectations (3.5.0)
      diff-lcs (>= 1.2.0, < 2.0)
      rspec-support (~> 3.5.0)
    rspec-mocks (3.5.0)
      diff-lcs (>= 1.2.0, < 2.0)
      rspec-support (~> 3.5.0)
    rspec-support (3.5.0)
    rubocop (0.39.0)
      parser (>= 2.3.0.7, < 3.0)
      powerpack (~> 0.1)
      rainbow (>= 1.99.1, < 3.0)
      ruby-progressbar (~> 1.7)
      unicode-display_width (~> 1.0, >= 1.0.1)
    ruby-progressbar (1.8.1)
    safe_yaml (1.0.4)
    sanitize (4.4.0)
      crass (~> 1.0.2)
      nokogiri (>= 1.4.4)
      nokogumbo (~> 1.4.1)
    sass (3.4.23)
    simplecov (0.13.0)
      docile (~> 1.1.0)
      json (>= 1.8, < 3)
      simplecov-html (~> 0.10.0)
    simplecov-html (0.10.0)
    sinatra (1.4.8)
      rack (~> 1.5)
      rack-protection (~> 1.4)
      tilt (>= 1.3, < 3)
    sinatra-contrib (1.4.7)
      backports (>= 2.0)
      multi_json
      rack-protection
      rack-test
      sinatra (~> 1.4.0)
      tilt (>= 1.3, < 3)
    thread_safe (0.3.5)
    tilt (2.0.6)
    tzinfo (1.2.2)
      thread_safe (~> 0.1)
    unicode-display_width (1.1.3)
    vcr (2.9.3)
    webmock (1.20.4)
      addressable (>= 2.3.6)
      crack (>= 0.3.2)
    websocket-driver (0.6.5)
      websocket-extensions (>= 0.1.0)
    websocket-extensions (0.1.2)
    will_paginate (3.1.5)
    will_paginate-bootstrap (1.0.1)
      will_paginate (>= 3.0.3)
    xpath (2.0.0)
      nokogiri (~> 1.3)

PLATFORMS
  ruby

DEPENDENCIES
  actionpack
  activesupport
  awesome_print
  better_errors
  binding_of_caller
  bugsnag
  capybara
  capybara-screenshot
  codeclimate-test-reporter (~> 1.0.0)
  dotenv
  factory_girl
  gabba
  haml
  iso8601 (~> 0.9.0)
  json (~> 1.8, >= 1.8.5)
  jwt
  maremma (~> 3.0)
  multi_json
  namae
  nokogiri
  oj (~> 2.18, >= 2.18.1)
  poltergeist
  rack-flash3
  rake
  rspec
  rubocop (~> 0.39.0)
  sanitize
  sass
  simplecov
  sinatra
  sinatra-contrib
  vcr (~> 2.9.3)
  webmock (~> 1.20.0)
  will_paginate
  will_paginate-bootstrap

BUNDLED WITH
   1.12.5
