GEM
  remote: http://rubygems.org/
  specs:
    actionpack (5.1.4)
      actionview (= 5.1.4)
      activesupport (= 5.1.4)
      rack (~> 2.0)
      rack-test (>= 0.6.3)
      rails-dom-testing (~> 2.0)
      rails-html-sanitizer (~> 1.0, >= 1.0.2)
    actionview (5.1.4)
      activesupport (= 5.1.4)
      builder (~> 3.1)
      erubi (~> 1.4)
      rails-dom-testing (~> 2.0)
      rails-html-sanitizer (~> 1.0, >= 1.0.3)
    activesupport (5.1.4)
      concurrent-ruby (~> 1.0, >= 1.0.2)
      i18n (~> 0.7)
      minitest (~> 5.1)
      tzinfo (~> 1.1)
    addressable (2.5.2)
      public_suffix (>= 2.0.2, < 4.0)
    ast (2.3.0)
    awesome_print (1.8.0)
    backports (3.10.3)
    better_errors (2.4.0)
      coderay (>= 1.0.0)
      erubi (>= 1.0.0)
      rack (>= 0.9.0)
    binding_of_caller (0.7.3)
      debug_inspector (>= 0.0.1)
    bugsnag (6.2.0)
    builder (3.2.3)
    capybara (2.16.1)
      addressable
      mini_mime (>= 0.1.3)
      nokogiri (>= 1.3.3)
      rack (>= 1.0.0)
      rack-test (>= 0.5.4)
      xpath (~> 2.0)
    capybara-screenshot (1.0.18)
      capybara (>= 1.0, < 3)
      launchy
    cliver (0.3.2)
    codeclimate-test-reporter (1.0.8)
      simplecov (<= 0.13)
    coderay (1.1.2)
    concurrent-ruby (1.0.5)
    crack (0.4.3)
      safe_yaml (~> 1.0.0)
    crass (1.0.3)
    debug_inspector (0.0.3)
    diff-lcs (1.3)
    docile (1.1.5)
    dotenv (2.2.1)
    erubi (1.7.0)
    excon (0.45.4)
    factory_girl (4.9.0)
      activesupport (>= 3.0.0)
    faraday (0.9.2)
      multipart-post (>= 1.2, < 3)
    faraday-encoding (0.0.4)
      faraday
    faraday_middleware (0.10.1)
      faraday (>= 0.7.4, < 1.0)
    ffi (1.9.18)
    gabba (1.0.1)
    haml (5.0.4)
      temple (>= 0.8.0)
      tilt
    i18n (0.9.1)
      concurrent-ruby (~> 1.0)
    iso8601 (0.9.1)
    json (1.8.6)
    jwt (2.1.0)
    launchy (2.4.3)
      addressable (~> 2.3)
    loofah (2.1.1)
      crass (~> 1.0.2)
      nokogiri (>= 1.5.9)
    maremma (3.6)
      activesupport (>= 4.2.5, < 6)
      addressable (>= 2.3.6)
      builder (~> 3.2, >= 3.2.2)
      excon (~> 0.45.0)
      faraday (~> 0.9.2)
      faraday-encoding (~> 0.0.1)
      faraday_middleware (~> 0.10.0)
      multi_json (~> 1.12)
      nokogiri (~> 1.6, >= 1.6.8)
      oj (>= 2.8.3)
    mini_mime (1.0.0)
    mini_portile2 (2.3.0)
    minitest (5.10.3)
    multi_json (1.12.2)
    multipart-post (2.0.0)
    mustermann (1.0.1)
    namae (1.0.0)
    nokogiri (1.8.1)
      mini_portile2 (~> 2.3.0)
    nokogumbo (1.4.13)
      nokogiri
    oj (2.18.5)
    parallel (1.12.0)
    parser (2.4.0.2)
      ast (~> 2.3)
    poltergeist (1.16.0)
      capybara (~> 2.1)
      cliver (~> 0.3.1)
      websocket-driver (>= 0.2.0)
    powerpack (0.1.1)
    public_suffix (3.0.1)
    rack (2.0.3)
    rack-flash3 (1.0.5)
      rack
    rack-protection (2.0.0)
      rack
    rack-test (0.8.2)
      rack (>= 1.0, < 3)
    rails-dom-testing (2.0.3)
      activesupport (>= 4.2.0)
      nokogiri (>= 1.6)
    rails-html-sanitizer (1.0.3)
      loofah (~> 2.0)
    rainbow (2.2.2)
      rake
    rake (12.3.0)
    rb-fsevent (0.10.2)
    rb-inotify (0.9.10)
      ffi (>= 0.5.0, < 2)
    rspec (3.7.0)
      rspec-core (~> 3.7.0)
      rspec-expectations (~> 3.7.0)
      rspec-mocks (~> 3.7.0)
    rspec-core (3.7.0)
      rspec-support (~> 3.7.0)
    rspec-expectations (3.7.0)
      diff-lcs (>= 1.2.0, < 2.0)
      rspec-support (~> 3.7.0)
    rspec-mocks (3.7.0)
      diff-lcs (>= 1.2.0, < 2.0)
      rspec-support (~> 3.7.0)
    rspec-support (3.7.0)
    rubocop (0.49.1)
      parallel (~> 1.10)
      parser (>= 2.3.3.1, < 3.0)
      powerpack (~> 0.1)
      rainbow (>= 1.99.1, < 3.0)
      ruby-progressbar (~> 1.7)
      unicode-display_width (~> 1.0, >= 1.0.1)
    ruby-progressbar (1.9.0)
    safe_yaml (1.0.4)
    sanitize (4.5.0)
      crass (~> 1.0.2)
      nokogiri (>= 1.4.4)
      nokogumbo (~> 1.4.1)
    sass (3.5.3)
      sass-listen (~> 4.0.0)
    sass-listen (4.0.0)
      rb-fsevent (~> 0.9, >= 0.9.4)
      rb-inotify (~> 0.9, >= 0.9.7)
    simplecov (0.13.0)
      docile (~> 1.1.0)
      json (>= 1.8, < 3)
      simplecov-html (~> 0.10.0)
    simplecov-html (0.10.2)
    sinatra (2.0.0)
      mustermann (~> 1.0)
      rack (~> 2.0)
      rack-protection (= 2.0.0)
      tilt (~> 2.0)
    sinatra-contrib (2.0.0)
      backports (>= 2.0)
      multi_json
      mustermann (~> 1.0)
      rack-protection (= 2.0.0)
      sinatra (= 2.0.0)
      tilt (>= 1.3, < 3)
    temple (0.8.0)
    thread_safe (0.3.6)
    tilt (2.0.8)
    tzinfo (1.2.4)
      thread_safe (~> 0.1)
    unicode-display_width (1.3.0)
    vcr (2.9.3)
    webmock (1.20.4)
      addressable (>= 2.3.6)
      crack (>= 0.3.2)
    websocket-driver (0.7.0)
      websocket-extensions (>= 0.1.0)
    websocket-extensions (0.1.3)
    will_paginate (3.1.6)
    will_paginate-bootstrap (1.0.1)
      will_paginate (>= 3.0.3)
    xpath (2.1.0)
      nokogiri (~> 1.3)

PLATFORMS
  ruby

DEPENDENCIES
  actionpack
  activesupport
  awesome_print
  better_errors
  binding_of_caller
  bugsnag
  capybara
  capybara-screenshot
  codeclimate-test-reporter (~> 1.0.0)
  dotenv
  factory_girl
  gabba
  haml
  iso8601 (~> 0.9.0)
  json (~> 1.8, >= 1.8.5)
  jwt
  maremma (~> 3.0)
  multi_json
  namae
  nokogiri
  oj (~> 2.18, >= 2.18.1)
  poltergeist
  rack-flash3
  rake
  rspec
  rubocop (~> 0.49.1)
  sanitize
  sass
  simplecov
  sinatra
  sinatra-contrib
  vcr (~> 2.9.3)
  webmock (~> 1.20.0)
  will_paginate
  will_paginate-bootstrap

BUNDLED WITH
   1.16.0
